PATH
  remote: .
  specs:
    will_paginate_semantic_ui (0.0.1)
      will_paginate (> 3.0.0)

GEM
  remote: https://rubygems.org/
  specs:
    byebug (9.0.5)
    diff-lcs (1.2.5)
    rake (11.2.2)
    rspec (3.5.0)
      rspec-core (~> 3.5.0)
      rspec-expectations (~> 3.5.0)
      rspec-mocks (~> 3.5.0)
    rspec-core (3.5.1)
      rspec-support (~> 3.5.0)
    rspec-expectations (3.5.0)
      diff-lcs (>= 1.2.0, < 2.0)
      rspec-support (~> 3.5.0)
    rspec-mocks (3.5.0)
      diff-lcs (>= 1.2.0, < 2.0)
      rspec-support (~> 3.5.0)
    rspec-support (3.5.0)
    will_paginate (3.1.0)

PLATFORMS
  ruby

DEPENDENCIES
  bundler
  byebug
  rake
  rspec
  will_paginate_semantic_ui!

BUNDLED WITH
   1.12.5
