PATH
  remote: ../../
  specs:
    will_paginate_semantic_ui (2.0.0)
      will_paginate (> 3.0.0)

GEM
  remote: https://rubygems.org/
  specs:
    rack (1.6.4)
    rack-protection (1.5.3)
      rack
    sinatra (1.4.7)
      rack (~> 1.5)
      rack-protection (~> 1.4)
      tilt (>= 1.3, < 3)
    tilt (2.0.5)
    will_paginate (3.1.0)

PLATFORMS
  ruby

DEPENDENCIES
  sinatra
  will_paginate
  will_paginate_semantic_ui!

BUNDLED WITH
   1.12.5
